GEM
  remote: http://rubygems.org/
  specs:
    proxies (0.2.1)
    s3 (0.3.9)
      proxies (~> 0.2.0)

PLATFORMS
  ruby

DEPENDENCIES
  s3 (~> 0.3.9)
