GEM
  remote: http://rubygems.org/
  specs:
    git (1.2.5)
    jeweler (1.6.4)
      bundler (~> 1.0)
      git (>= 1.2.5)
      rake
    proxies (0.2.1)
    rake (0.9.2.2)
    s3 (0.3.9)
      proxies (~> 0.2.0)

PLATFORMS
  ruby

DEPENDENCIES
  jeweler
  s3 (~> 0.3.9)
